NUGET
  remote: https://www.nuget.org/api/v2
  specs:
    FAKE (4.25.4)
    NUnit.Console (3.2.0.1)
      NUnit.ConsoleRunner (3.2)
      NUnit.Extension.NUnitProjectLoader (3.2)
      NUnit.Extension.NUnitV2Driver (3.2)
      NUnit.Extension.NUnitV2ResultWriter (3.2)
      NUnit.Extension.VSProjectLoader (3.2)
    NUnit.ConsoleRunner (3.2)
    NUnit.Extension.NUnitProjectLoader (3.2)
    NUnit.Extension.NUnitV2Driver (3.2)
    NUnit.Extension.NUnitV2ResultWriter (3.2)
    NUnit.Extension.VSProjectLoader (3.2)
HTTP
  remote: http://dist.nuget.org
  specs:
    NuGet.exe (/win-x86-commandline/latest/nuget.exe)